GEM
  remote: http://rubygems.org/
  specs:
    activesupport (3.0.7)
    addressable (2.2.5)
    bcrypt-ruby (2.1.4-java)
    data_mapper (1.1.0)
      dm-aggregates (= 1.1.0)
      dm-constraints (= 1.1.0)
      dm-core (= 1.1.0)
      dm-migrations (= 1.1.0)
      dm-serializer (= 1.1.0)
      dm-timestamps (= 1.1.0)
      dm-transactions (= 1.1.0)
      dm-types (= 1.1.0)
      dm-validations (= 1.1.0)
    data_objects (0.10.5)
      addressable (~> 2.1)
    diff-lcs (1.1.2)
    dm-aggregates (1.1.0)
      dm-core (~> 1.1.0)
    dm-constraints (1.1.0)
      dm-core (~> 1.1.0)
    dm-core (1.1.0)
      addressable (~> 2.2.4)
    dm-do-adapter (1.1.0)
      data_objects (~> 0.10.2)
      dm-core (~> 1.1.0)
    dm-migrations (1.1.0)
      dm-core (~> 1.1.0)
    dm-serializer (1.1.0)
      dm-core (~> 1.1.0)
      fastercsv (~> 1.5.4)
      json (~> 1.4.6)
    dm-sqlite-adapter (1.1.0)
      dm-do-adapter (~> 1.1.0)
      do_sqlite3 (~> 0.10.2)
    dm-timestamps (1.1.0)
      dm-core (~> 1.1.0)
    dm-transactions (1.1.0)
      dm-core (~> 1.1.0)
    dm-types (1.1.0)
      bcrypt-ruby (~> 2.1.4)
      dm-core (~> 1.1.0)
      fastercsv (~> 1.5.4)
      json (~> 1.4.6)
      stringex (~> 1.2.0)
      uuidtools (~> 2.1.2)
    dm-validations (1.1.0)
      dm-core (~> 1.1.0)
    do_jdbc (0.10.5-java)
      data_objects (= 0.10.5)
    do_sqlite3 (0.10.5-java)
      data_objects (= 0.10.5)
      do_jdbc (= 0.10.5)
      jdbc-sqlite3 (>= 3.5.8)
    fastercsv (1.5.4)
    grit (2.4.1)
      diff-lcs (~> 1.1)
      mime-types (~> 1.15)
    haml (3.1.1)
    http_router (0.7.6)
      rack (>= 1.0.0)
      url_mount (~> 0.2.1)
    i18n (0.5.0)
    jdbc-sqlite3 (3.6.14.2.056-java)
    json (1.4.6-java)
    mail (2.3.0)
      i18n (>= 0.4.0)
      mime-types (~> 1.16)
      treetop (~> 1.4.8)
    mime-types (1.16)
    mizuno (0.4.0)
      rack (>= 1.0.0)
    padrino (0.9.28)
      padrino-admin (= 0.9.28)
      padrino-cache (= 0.9.28)
      padrino-core (= 0.9.28)
      padrino-gen (= 0.9.28)
      padrino-helpers (= 0.9.28)
      padrino-mailer (= 0.9.28)
    padrino-admin (0.9.28)
      padrino-core (= 0.9.28)
      padrino-helpers (= 0.9.28)
    padrino-cache (0.9.28)
      padrino-core (= 0.9.28)
    padrino-core (0.9.28)
      activesupport (>= 3.0.0)
      http_router (~> 0.7.5)
      sinatra (~> 1.2.6)
      thor (>= 0.14.3)
      tilt (~> 1.3.0)
      tzinfo
    padrino-gen (0.9.28)
      bundler (>= 1.0.2)
      grit
      padrino-core (= 0.9.28)
    padrino-helpers (0.9.28)
      i18n (>= 0.4.1)
      padrino-core (= 0.9.28)
    padrino-mailer (0.9.28)
      mail (>= 2.2.0)
      padrino-core (= 0.9.28)
    polyglot (0.3.1)
    rack (1.2.2)
    rack-flash (0.1.1)
      rack
    rake (0.8.7)
    sinatra (1.2.6)
      rack (~> 1.1)
      tilt (>= 1.2.2, < 2.0)
    stringex (1.2.1)
    thor (0.14.6)
    tilt (1.3)
    treetop (1.4.9)
      polyglot (>= 0.3.1)
    tzinfo (0.3.27)
    url_mount (0.2.1)
      rack
    uuidtools (2.1.2)

PLATFORMS
  java

DEPENDENCIES
  data_mapper
  dm-sqlite-adapter
  haml
  mizuno
  padrino (= 0.9.28)
  rack-flash
  rake
